GEM
  remote: http://rubygems.org/
  specs:
    git (1.2.5)
    hominid (3.0.2)
    jeweler (1.6.0)
      bundler (~> 1.0.0)
      git (>= 1.2.5)
      rake
    rake (0.8.7)
    rcov (0.9.9)
    shoulda (2.11.3)

PLATFORMS
  ruby

DEPENDENCIES
  bundler (~> 1.0.0)
  hominid (>= 3.0.2)
  jeweler (~> 1.6.0)
  rcov
  shoulda
